GIT
  remote: https://github.com/ashfurrow/danger-swiftlint/
  revision: 0b47c10d4b1b808ebbb3201b6dbc7b793ec55157
  branch: master
  specs:
    danger-swiftlint (0.0.1)
      danger

GIT
  remote: https://github.com/danger/danger/
  revision: 254b78975417fd3d2a03e87d956c1e20e7d61a7f
  branch: master
  specs:
    danger (0.8.3)
      claide (~> 1.0)
      colored (~> 1.2)
      cork (~> 0.1)
      faraday (~> 0)
      git (~> 1)
      octokit (~> 4.2)
      redcarpet (~> 3.3)
      terminal-table (~> 1)

GEM
  remote: https://rubygems.org/
  specs:
    RubyInline (3.12.4)
      ZenTest (~> 4.3)
    ZenTest (4.11.0)
    activesupport (4.2.6)
      i18n (~> 0.7)
      json (~> 1.7, >= 1.7.7)
      minitest (~> 5.1)
      thread_safe (~> 0.3, >= 0.3.4)
      tzinfo (~> 1.1)
    addressable (2.4.0)
    aws-sdk-v1 (1.66.0)
      json (~> 1.4)
      nokogiri (>= 1.4.4)
    celluloid (0.17.3)
      celluloid-essentials
      celluloid-extras
      celluloid-fsm
      celluloid-pool
      celluloid-supervision
      timers (>= 4.1.1)
    celluloid-essentials (0.20.5)
      timers (>= 4.1.1)
    celluloid-extras (0.20.5)
      timers (>= 4.1.1)
    celluloid-fsm (0.20.5)
      timers (>= 4.1.1)
    celluloid-io (0.17.3)
      celluloid (>= 0.17.2)
      nio4r (>= 1.1)
      timers (>= 4.1.1)
    celluloid-pool (0.20.5)
      timers (>= 4.1.1)
    celluloid-supervision (0.20.5)
      timers (>= 4.1.1)
    claide (1.0.0)
    cocoapods (1.0.0)
      activesupport (>= 4.0.2)
      claide (>= 1.0.0, < 2.0)
      cocoapods-core (= 1.0.0)
      cocoapods-deintegrate (>= 1.0.0, < 2.0)
      cocoapods-downloader (>= 1.0.0, < 2.0)
      cocoapods-plugins (>= 1.0.0, < 2.0)
      cocoapods-search (>= 1.0.0, < 2.0)
      cocoapods-stats (>= 1.0.0, < 2.0)
      cocoapods-trunk (>= 1.0.0, < 2.0)
      cocoapods-try (>= 1.0.0, < 2.0)
      colored (~> 1.2)
      escape (~> 0.0.4)
      fourflusher (~> 0.3.0)
      molinillo (~> 0.4.5)
      nap (~> 1.0)
      xcodeproj (>= 1.0.0, < 2.0)
    cocoapods-check (1.0.0)
      cocoapods (~> 1.0)
    cocoapods-core (1.0.0)
      activesupport (>= 4.0.2)
      fuzzy_match (~> 2.0.4)
      nap (~> 1.0)
    cocoapods-deintegrate (1.0.0)
    cocoapods-downloader (1.0.0)
    cocoapods-keys (1.6.1)
      dotenv
      osx_keychain
    cocoapods-plugins (1.0.0)
      nap
    cocoapods-search (1.0.0)
    cocoapods-stats (1.0.0)
    cocoapods-trunk (1.0.0)
      nap (>= 0.8, < 2.0)
      netrc (= 0.7.8)
    cocoapods-try (1.0.0)
    colored (1.2)
    cork (0.1.0)
      colored (~> 1.2)
    dotenv (2.1.1)
    escape (0.0.4)
    faraday (0.9.2)
      multipart-post (>= 1.2, < 3)
    fourflusher (0.3.0)
    fuzzy_match (2.0.4)
    git (1.3.0)
    hitimes (1.2.4)
    http-2 (0.8.2)
    i18n (0.7.0)
    json (1.8.3)
    lowdown (0.3.2)
      celluloid-io (>= 0.17.3)
      http-2 (>= 0.8)
    mini_portile2 (2.0.0)
    minitest (5.9.0)
    molinillo (0.4.5)
    multipart-post (2.0.0)
    mustache (0.99.8)
    nap (1.1.0)
    netrc (0.7.8)
    nio4r (1.2.1)
    nokogiri (1.6.7.2)
      mini_portile2 (~> 2.0.0.rc2)
    octokit (4.3.0)
      sawyer (~> 0.7.0, >= 0.5.3)
    osx_keychain (1.0.1)
      RubyInline (~> 3)
    redcarpet (3.3.4)
    rouge (1.10.1)
    sawyer (0.7.0)
      addressable (>= 2.3.5, < 2.5)
      faraday (~> 0.8, < 0.10)
    second_curtain (0.6.0)
      aws-sdk-v1 (~> 1.52)
      mustache (~> 0.99)
    terminal-table (1.6.0)
    thread_safe (0.3.5)
    timers (4.1.1)
      hitimes
    tzinfo (1.2.2)
      thread_safe (~> 0.1)
    xcodeproj (1.0.0)
      activesupport (>= 3)
      claide (>= 1.0.0, < 2.0)
      colored (~> 1.2)
    xcpretty (0.2.2)
      rouge (~> 1.8)

PLATFORMS
  ruby

DEPENDENCIES
  cocoapods (>= 1.0.0)
  cocoapods-check
  cocoapods-keys
  danger!
  danger-swiftlint!
  lowdown
  nokogiri (>= 1.6.7)
  second_curtain
  xcpretty

BUNDLED WITH
   1.12.5
