GIT
  remote: https://github.com/KrauseFx/danger.git
  revision: b6c2d857515e76a3fad0f1c035cf0152bb0a1cc8
  branch: github_api
  specs:
    danger (0.1.1)
      claide (~> 0.8)
      colored
      git (~> 1.2.9)
      nap
      octokit

GEM
  remote: https://rubygems.org/
  specs:
    RubyInline (3.12.4)
      ZenTest (~> 4.3)
    ZenTest (4.11.0)
    activesupport (4.2.5)
      i18n (~> 0.7)
      json (~> 1.7, >= 1.7.7)
      minitest (~> 5.1)
      thread_safe (~> 0.3, >= 0.3.4)
      tzinfo (~> 1.1)
    addressable (2.4.0)
    aws-sdk-v1 (1.66.0)
      json (~> 1.4)
      nokogiri (>= 1.4.4)
    babosa (1.0.2)
    cert (1.2.8)
      fastlane_core (>= 0.29.1, < 1.0.0)
      spaceship (>= 0.16.0, < 1.0.0)
    claide (0.9.1)
    cocoapods (0.39.0)
      activesupport (>= 4.0.2)
      claide (~> 0.9.1)
      cocoapods-core (= 0.39.0)
      cocoapods-downloader (~> 0.9.3)
      cocoapods-plugins (~> 0.4.2)
      cocoapods-search (~> 0.1.0)
      cocoapods-stats (~> 0.6.2)
      cocoapods-trunk (~> 0.6.4)
      cocoapods-try (~> 0.5.1)
      colored (~> 1.2)
      escape (~> 0.0.4)
      molinillo (~> 0.4.0)
      nap (~> 1.0)
      xcodeproj (~> 0.28.2)
    cocoapods-core (0.39.0)
      activesupport (>= 4.0.2)
      fuzzy_match (~> 2.0.4)
      nap (~> 1.0)
    cocoapods-downloader (0.9.3)
    cocoapods-keys (1.6.0)
      dotenv
      osx_keychain
    cocoapods-plugins (0.4.2)
      nap
    cocoapods-search (0.1.0)
    cocoapods-stats (0.6.2)
    cocoapods-trunk (0.6.4)
      nap (>= 0.8, < 2.0)
      netrc (= 0.7.8)
    cocoapods-try (0.5.1)
    coderay (1.1.0)
    colored (1.2)
    commander (4.3.5)
      highline (~> 1.7.2)
    credentials_manager (0.14.0)
      colored
      commander (>= 4.3.5)
      highline (>= 1.7.1)
      security
    deliver (1.6.6)
      credentials_manager (>= 0.12.0, < 1.0.0)
      fastimage (~> 1.6)
      fastlane_core (>= 0.31.0, < 1.0.0)
      plist (~> 3.1.0)
      spaceship (>= 0.19.0, <= 1.0.0)
    domain_name (0.5.25)
      unf (>= 0.0.5, < 1.0.0)
    dotenv (2.0.2)
    escape (0.0.4)
    excon (0.45.4)
    faraday (0.9.2)
      multipart-post (>= 1.2, < 3)
    faraday-cookie_jar (0.0.6)
      faraday (>= 0.7.4)
      http-cookie (~> 1.0.0)
    faraday_middleware (0.10.0)
      faraday (>= 0.7.4, < 0.10)
    fastimage (1.8.1)
      addressable (~> 2.3, >= 2.3.5)
    fastlane_core (0.32.1)
      babosa
      colored
      commander (>= 4.3.5)
      credentials_manager (>= 0.11.0, < 1.0.0)
      excon (~> 0.45.0)
      highline (>= 1.7.2)
      json
      multi_json
      plist (~> 3.1)
      rubyzip (~> 1.1.6)
      sentry-raven (~> 0.15)
      terminal-table (~> 1.4.5)
    fui (0.3.0)
      gli
    fuzzy_match (2.0.4)
    git (1.2.9.1)
    gli (2.13.4)
    gym (1.2.0)
      fastlane_core (>= 0.25.0, < 1.0.0)
      plist
      rubyzip (>= 1.1.7)
      terminal-table
      xcpretty (>= 0.2.1)
    highline (1.7.8)
    http-2 (0.8.0)
    http-cookie (1.0.2)
      domain_name (~> 0.5)
    i18n (0.7.0)
    json (1.8.3)
    lowdown (0.0.4)
      http-2 (>= 0.8)
    match (0.2.4)
      cert (>= 1.2.7, < 2.0.0)
      credentials_manager (>= 0.13.0, < 1.0.0)
      fastlane_core (>= 0.31.0, < 1.0.0)
      security
      sigh (>= 1.2.1, < 2.0.0)
      spaceship (>= 0.18.1, < 1.0.0)
    method_source (0.8.2)
    mini_portile2 (2.0.0)
    minitest (5.8.3)
    molinillo (0.4.1)
    multi_json (1.11.2)
    multi_xml (0.5.5)
    multipart-post (2.0.0)
    mustache (0.99.8)
    nap (1.0.0)
    netrc (0.7.8)
    nokogiri (1.6.7.rc4)
      mini_portile2 (~> 2.0.0.rc2)
    octokit (2.1.1)
      sawyer (~> 0.3.0)
    osx_keychain (1.0.1)
      RubyInline (~> 3)
    pilot (1.2.1)
      credentials_manager (>= 0.3.0)
      fastlane_core (>= 0.31.0, < 1.0.0)
      spaceship (>= 0.16.0, < 1.0.0)
      terminal-table (~> 1.4.5)
    plist (3.1.0)
    pry (0.10.3)
      coderay (~> 1.1.0)
      method_source (~> 0.8.1)
      slop (~> 3.4)
    rouge (1.10.1)
    rubyzip (1.1.7)
    sawyer (0.3.0)
      faraday (~> 0.8, < 0.10)
      uri_template (~> 0.5.0)
    second_curtain (0.6.0)
      aws-sdk-v1 (~> 1.52)
      mustache (~> 0.99)
    security (0.1.3)
    sentry-raven (0.15.3)
      faraday (>= 0.7.6)
    sigh (1.2.2)
      fastlane_core (>= 0.30.0, < 1.0.0)
      plist (~> 3.1)
      spaceship (>= 0.12.3)
    slop (3.6.0)
    spaceship (0.19.0)
      colored
      credentials_manager (>= 0.9.0)
      faraday (~> 0.9)
      faraday-cookie_jar (~> 0.0.6)
      faraday_middleware (~> 0.9)
      fastimage (~> 1.6)
      multi_xml (~> 0.5)
      plist (~> 3.1)
      pry
    terminal-table (1.4.5)
    thread_safe (0.3.5)
    tzinfo (1.2.2)
      thread_safe (~> 0.1)
    unf (0.1.4)
      unf_ext
    unf_ext (0.0.7.1)
    uri_template (0.5.3)
    xcodeproj (0.28.2)
      activesupport (>= 3)
      claide (~> 0.9.1)
      colored (~> 1.2)
    xcpretty (0.2.1)
      rouge (~> 1.8)

PLATFORMS
  ruby

DEPENDENCIES
  cocoapods (~> 0.39)
  cocoapods-keys
  danger!
  deliver
  fui
  gym
  lowdown
  match
  nokogiri (= 1.6.7.rc4)
  pilot
  second_curtain
  xcpretty

BUNDLED WITH
   1.11.2
